PATH
  remote: .
  specs:
    github (0.6.2)
      highline (~> 1.5.1)
      json_pure (~> 1.5.1)
      launchy (~> 2.0.2)
      text-format (= 1.0.0)
      text-hyphen (= 1.0.0)

GEM
  remote: http://rubygems.org/
  specs:
    activemodel (3.0.5)
      activesupport (= 3.0.5)
      builder (~> 2.1.2)
      i18n (~> 0.4)
    activerecord (3.0.5)
      activemodel (= 3.0.5)
      activesupport (= 3.0.5)
      arel (~> 2.0.2)
      tzinfo (~> 0.3.23)
    activesupport (3.0.5)
    arel (2.0.9)
    builder (2.1.2)
    configuration (1.2.0)
    highline (1.5.2)
    i18n (0.5.0)
    json_pure (1.5.1)
      configuration (>= 0.0.5)
      rake (>= 0.8.1)
    launchy (2.0.2)
    rake (0.8.7)
    rspec (1.3.1)
    text-format (1.0.0)
      text-hyphen (~> 1.0.0)
    text-hyphen (1.0.0)
    tzinfo (0.3.25)

PLATFORMS
  ruby

DEPENDENCIES
  activerecord (~> 3.0.0)
  github!
  rake
  rspec (~> 1.3.1)
